GEM
  remote: https://rubygems.org/
  specs:
    actionmailer (3.2.9)
      actionpack (= 3.2.9)
      mail (~> 2.4.4)
    actionpack (3.2.9)
      activemodel (= 3.2.9)
      activesupport (= 3.2.9)
      builder (~> 3.0.0)
      erubis (~> 2.7.0)
      journey (~> 1.0.4)
      rack (~> 1.4.0)
      rack-cache (~> 1.2)
      rack-test (~> 0.6.1)
      sprockets (~> 2.2.1)
    activemodel (3.2.9)
      activesupport (= 3.2.9)
      builder (~> 3.0.0)
    activerecord (3.2.9)
      activemodel (= 3.2.9)
      activesupport (= 3.2.9)
      arel (~> 3.0.2)
      tzinfo (~> 0.3.29)
    activeresource (3.2.9)
      activemodel (= 3.2.9)
      activesupport (= 3.2.9)
    activesupport (3.2.9)
      i18n (~> 0.6)
      multi_json (~> 1.0)
    addressable (2.3.5)
    arel (3.0.2)
    bcrypt-ruby (3.0.1)
    blacklight (4.0.1)
      bootstrap-sass (~> 2.2.0)
      kaminari (~> 0.13)
      marc (>= 0.4.3, < 1.1)
      nokogiri (~> 1.5)
      rails (~> 3.2)
      rsolr (~> 1.0.6)
      sass-rails
    bootstrap-sass (2.2.2.0)
      sass (~> 3.2)
    bootswatch-rails (0.3.2)
      railties (>= 3.1)
    builder (3.0.4)
    byebug (2.3.1)
      columnize (~> 0.3.6)
      debugger-linecache (~> 1.2.0)
    cancan (1.6.9)
    childprocess (0.3.9)
      ffi (~> 1.0, >= 1.0.11)
    coffee-rails (3.2.2)
      coffee-script (>= 2.2.0)
      railties (~> 3.2.0)
    coffee-script (2.2.0)
      coffee-script-source
      execjs
    coffee-script-source (1.4.0)
    columnize (0.3.6)
    commonwatir (4.0.0)
    d3_rails (3.1.4)
      railties (>= 3.1.0)
    debugger (1.6.2)
      columnize (>= 0.3.1)
      debugger-linecache (~> 1.2.0)
      debugger-ruby_core_source (~> 1.2.3)
    debugger-linecache (1.2.0)
    debugger-ruby_core_source (1.2.3)
    devise (2.1.2)
      bcrypt-ruby (~> 3.0)
      orm_adapter (~> 0.1)
      railties (~> 3.1)
      warden (~> 1.2.1)
    devise-guests (0.3.1)
      devise
    domain_name (0.5.10)
      unf (>= 0.0.5, < 1.0.0)
    erubis (2.7.0)
    execjs (1.4.0)
      multi_json (~> 1.0)
    ffi (1.9.3)
    foreigner (1.3.0)
      activerecord (>= 3.0.0)
    hike (1.2.1)
    i18n (0.6.1)
    journey (1.0.4)
    jquery-rails (2.2.0)
      railties (>= 3.0, < 5.0)
      thor (>= 0.14, < 2.0)
    json (1.7.6)
    json_pure (1.8.0)
    kaminari (0.14.1)
      actionpack (>= 3.0.0)
      activesupport (>= 3.0.0)
    libv8 (3.11.8.17)
    mail (2.4.4)
      i18n (>= 0.4.0)
      mime-types (~> 1.16)
      treetop (~> 1.4.8)
    marc (0.5.0)
    mechanize (2.6.0)
      domain_name (~> 0.5, >= 0.5.1)
      mime-types (~> 1.17, >= 1.17.2)
      net-http-digest_auth (~> 1.1, >= 1.1.1)
      net-http-persistent (~> 2.5, >= 2.5.2)
      nokogiri (~> 1.4)
      ntlm-http (~> 0.1, >= 0.1.1)
      webrobots (>= 0.0.9, < 0.2)
    mime-types (1.19)
    multi_json (1.5.0)
    mysql2 (0.3.11)
    net-http-digest_auth (1.3)
    net-http-persistent (2.8)
    nokogiri (1.5.6)
    ntlm-http (0.1.1)
    orm_adapter (0.4.0)
    polyglot (0.3.3)
    rack (1.4.4)
    rack-cache (1.2)
      rack (>= 0.4)
    rack-ssl (1.3.2)
      rack
    rack-test (0.6.2)
      rack (>= 1.0)
    rails (3.2.9)
      actionmailer (= 3.2.9)
      actionpack (= 3.2.9)
      activerecord (= 3.2.9)
      activeresource (= 3.2.9)
      activesupport (= 3.2.9)
      bundler (~> 1.0)
      railties (= 3.2.9)
    railties (3.2.9)
      actionpack (= 3.2.9)
      activesupport (= 3.2.9)
      rack-ssl (~> 1.3.2)
      rake (>= 0.8.7)
      rdoc (~> 3.4)
      thor (>= 0.14.6, < 2.0)
    rake (10.0.3)
    rdf (0.3.11.1)
      addressable (>= 2.2.6)
    rdf-sesame (0.3.0)
      json_pure (>= 1.4.2)
      rdf (~> 0.3.0)
    rdoc (3.12)
      json (~> 1.4)
    ref (1.0.4)
    rsolr (1.0.8)
      builder (>= 2.1.2)
    rubyzip (1.1.0)
    sass (3.2.5)
    sass-rails (3.2.6)
      railties (~> 3.2.0)
      sass (>= 3.1.10)
      tilt (~> 1.3)
    selenium-webdriver (2.38.0)
      childprocess (>= 0.2.5)
      multi_json (~> 1.0)
      rubyzip (~> 1.0)
      websocket (~> 1.0.4)
    sprockets (2.2.2)
      hike (~> 1.2)
      multi_json (~> 1.0)
      rack (~> 1.0)
      tilt (~> 1.1, != 1.3.0)
    sqlite3 (1.3.7)
    therubyracer (0.11.4)
      libv8 (~> 3.11.8.12)
      ref
    thor (0.17.0)
    tilt (1.3.3)
    treetop (1.4.12)
      polyglot
      polyglot (>= 0.3.1)
    tzinfo (0.3.35)
    uglifier (1.3.0)
      execjs (>= 0.3.0)
      multi_json (~> 1.0, >= 1.0.2)
    unf (0.1.1)
      unf_ext
    unf_ext (0.0.6)
    unicode (0.4.3.1)
    warden (1.2.1)
      rack (>= 1.0)
    watir (5.0.0)
      commonwatir (~> 4)
      watir-webdriver
    watir-webdriver (0.6.4)
      selenium-webdriver (>= 2.18.0)
    webrobots (0.1.1)
    websocket (1.0.7)

PLATFORMS
  ruby

DEPENDENCIES
  blacklight
  bootstrap-sass
  bootswatch-rails
  byebug
  cancan
  coffee-rails (~> 3.2.1)
  d3_rails
  debugger
  devise
  devise-guests (~> 0.3)
  execjs
  foreigner
  jquery-rails
  json
  mechanize
  mysql2
  rails (= 3.2.9)
  rdf
  rdf-sesame
  sass-rails (~> 3.2.3)
  sqlite3
  therubyracer
  uglifier (>= 1.0.3)
  unicode
  watir
